GEM
  remote: http://rubygems.org/
  specs:
    gemcutter (0.5.0)
      json_pure
    git (1.2.5)
    jeweler (1.4.0)
      gemcutter (>= 0.1.0)
      git (>= 1.2.5)
      rubyforge (>= 2.0.0)
    json_pure (1.4.3)
    rake (0.8.7)
    rspec (1.2.9)
    rubyforge (2.0.4)
      json_pure (>= 1.1.7)
    yard (0.5.8)

PLATFORMS
  x86-mswin32

DEPENDENCIES
  jeweler
  rake
  rspec
  yard
